GEM
  remote: https://rubygems.org/
  specs:
    ffi (1.9.14)
    rack (1.6.4)
    rack-protection (1.5.3)
      rack
    rbnacl (3.4.0)
      ffi
    sinatra (1.4.7)
      rack (~> 1.5)
      rack-protection (~> 1.4)
      tilt (>= 1.3, < 3)
    tilt (2.0.5)

PLATFORMS
  ruby

DEPENDENCIES
  rbnacl
  sinatra

BUNDLED WITH
   1.13.0
